GEM
  remote: https://rubygems.org/
  specs:
    minitest (5.25.1)

PLATFORMS
  x64-mingw-ucrt

DEPENDENCIES
  minitest (~> 5.0)

BUNDLED WITH
   2.5.11
